GIT
  remote: git://github.com/controlshift/agra_private_sample.git
  revision: 282f6a74f6eee3b2a55fea59d17d6975615dbee7
  specs:
    agra_private (0.0.1)
      rails (~> 3.2.5)

GIT
  remote: git://github.com/controlshift/vanity.git
  revision: 4c37544b93e1e57cdd2814f2d8a325e06c9bf7a5
  specs:
    vanity (1.8.0)
      redis (~> 3.0)
      redis-namespace (~> 1.2.1)

GIT
  remote: git://github.com/ctran/annotate_models.git
  revision: ff1131daee8c03dbcc4966b7914b77a7e3a62f02
  specs:
    annotate (2.4.1.beta1)

GIT
  remote: git://github.com/engageis/activerecord-postgres-hstore.git
  revision: 03588cd5ff96a72103e83c11ae4d1e4e4f24c06a
  specs:
    activerecord-postgres-hstore (0.4.1)
      pg
      rails
      rake

GIT
  remote: git://github.com/galetahub/simple-captcha.git
  revision: 7bf17fe6bceda3313b3cce37853f685cbc64afde
  specs:
    galetahub-simple_captcha (0.1.3)

GIT
  remote: git://github.com/nabeta/sunspot-rails-tester.git
  revision: 733d46622fd4080836ee688f00acdd2b77395af9
  specs:
    sunspot-rails-tester (0.0.4)
      sunspot_rails
      sunspot_solr

GIT
  remote: git://github.com/sunspot/sunspot.git
  revision: e4de9e83e85ec91d9470bfaf7987ea54c6d656c6
  specs:
    sunspot (2.0.0.pre.120925)
      pr_geohash (~> 1.0)
      rsolr (~> 1.0.7)
    sunspot_rails (2.0.0.pre.120925)
      nokogiri
      sunspot (= 2.0.0.pre.120925)
    sunspot_solr (2.0.0.pre.120925)

GIT
  remote: https://github.com/bcardarella/client_side_validations.git
  revision: 7145c84c3737f6bd8b158ba204dc8c38197753c8
  specs:
    client_side_validations (3.2.1)

GIT
  remote: https://github.com/controlshift/blue_state_digital.git
  revision: 83f043a5ba6a2fa52c562c2cd6f8f2e1e2c62bbd
  specs:
    blue_state_digital (0.5.1)
      activesupport
      builder
      crack
      nokogiri
      rest-client

GIT
  remote: https://github.com/controlshift/facebook_share_widget_rails.git
  revision: 86df68fea6918046cc6c2835ae098236a573e726
  specs:
    facebook_share_widget (0.0.10)
      coffee-rails
      compass-rails
      fb_graph
      haml-rails
      sass-rails

GIT
  remote: https://github.com/dockyard/client_side_validations-simple_form.git
  revision: 7364ed2fe0a620f58753d0c0953f2b0e15bedcaa
  specs:
    client_side_validations-simple_form (2.0.0)
      client_side_validations (~> 3.2.0)
      simple_form (~> 2.0.3)

GIT
  remote: https://github.com/mperham/sidekiq.git
  revision: 40d4176411e901e51f24f32e984198af0bca1a84
  specs:
    sidekiq (2.5.4)
      celluloid (~> 0.12.0)
      connection_pool (~> 0.9.2)
      multi_json (~> 1)
      redis (~> 3)
      redis-namespace

GIT
  remote: https://github.com/prawnpdf/prawn.git
  revision: 131082af5abb71d83de0e2005ecceaa829224904
  specs:
    prawn (1.0.0.rc1)
      pdf-reader (>= 0.9.0, < 2.0)
      ttfunk (~> 1.0.3)

GIT
  remote: https://github.com/seanhotw/tinymce-rails.git
  revision: 17d6f0a02d9db9383eb5ffba25fb1d28ea4c52a9
  specs:
    tinymce-rails (3.5)
      railties (>= 3.1.1)

GEM
  remote: http://rubygems.org/
  specs:
    Ascii85 (1.0.2)
    RedCloth (4.2.9)
    actionmailer (3.2.9)
      actionpack (= 3.2.9)
      mail (~> 2.4.4)
    actionpack (3.2.9)
      activemodel (= 3.2.9)
      activesupport (= 3.2.9)
      builder (~> 3.0.0)
      erubis (~> 2.7.0)
      journey (~> 1.0.4)
      rack (~> 1.4.0)
      rack-cache (~> 1.2)
      rack-test (~> 0.6.1)
      sprockets (~> 2.2.1)
    active_record_query_trace (1.1)
    activemodel (3.2.9)
      activesupport (= 3.2.9)
      builder (~> 3.0.0)
    activerecord (3.2.9)
      activemodel (= 3.2.9)
      activesupport (= 3.2.9)
      arel (~> 3.0.2)
      tzinfo (~> 0.3.29)
    activeresource (3.2.9)
      activemodel (= 3.2.9)
      activesupport (= 3.2.9)
    activesupport (3.2.9)
      i18n (~> 0.6)
      multi_json (~> 1.0)
    addressable (2.3.2)
    arel (3.0.2)
    asset_sync (0.5.0)
      activemodel
      fog
    attr_required (0.0.5)
    aws-sdk (1.3.2)
      httparty (~> 0.7)
      json (~> 1.4)
      nokogiri (>= 1.4.4)
      uuidtools (~> 2.1)
    bcrypt-ruby (3.0.1)
    binding_of_caller (0.6.8)
    builder (3.0.4)
    cancan (1.6.7)
    capybara (1.1.2)
      mime-types (>= 1.16)
      nokogiri (>= 1.3.3)
      rack (>= 1.0.0)
      rack-test (>= 0.5.4)
      selenium-webdriver (~> 2.0)
      xpath (~> 0.1.4)
    capybara-webkit (0.11.0)
      capybara (>= 1.0.0, < 1.2)
      json
    celluloid (0.12.3)
      facter (>= 1.6.12)
      timers (>= 1.0.0)
    childprocess (0.3.1)
      ffi (~> 1.0.6)
    chunky_png (1.2.6)
    cocaine (0.2.1)
    coderay (1.0.7)
    coffee-filter (0.1.1)
      coffee-script (>= 2.2.0)
      haml (>= 3.0.18)
    coffee-rails (3.2.2)
      coffee-script (>= 2.2.0)
      railties (~> 3.2.0)
    coffee-script (2.2.0)
      coffee-script-source
      execjs
    coffee-script-source (1.3.3)
    colorize (0.5.8)
    columnize (0.3.6)
    compass (0.12.2)
      chunky_png (~> 1.2)
      fssm (>= 0.2.7)
      sass (~> 3.1)
    compass-rails (1.0.3)
      compass (>= 0.12.2, < 0.14)
    connection_pool (0.9.2)
    crack (0.3.1)
    daemons (1.1.9)
    dalli (1.1.5)
    database_cleaner (0.7.0)
    databasedotcom (1.3.1)
      json
      multipart-post (~> 1.1)
    debugger (1.1.4)
      columnize (>= 0.3.1)
      debugger-linecache (~> 1.1.1)
      debugger-ruby_core_source (~> 1.1.3)
    debugger-linecache (1.1.2)
      debugger-ruby_core_source (>= 1.1.1)
    debugger-ruby_core_source (1.1.3)
    delayed_job (3.0.1)
      activesupport (~> 3.0)
    delayed_job_active_record (0.3.2)
      activerecord (> 2.1.0)
      delayed_job (~> 3.0.0)
    devise (2.0.4)
      bcrypt-ruby (~> 3.0)
      orm_adapter (~> 0.0.3)
      railties (~> 3.1)
      warden (~> 1.1.1)
    diff-lcs (1.1.3)
    email_spec (1.2.1)
      mail (~> 2.2)
      rspec (~> 2.0)
    erubis (2.7.0)
    eventmachine (1.0.0)
    exception_notification (2.5.2)
      actionmailer (>= 3.0.4)
    excon (0.16.8)
    execjs (1.4.0)
      multi_json (~> 1.0)
    facter (1.6.14)
    factory_girl (2.3.2)
      activesupport
    factory_girl_rails (1.4.0)
      factory_girl (~> 2.3.0)
      railties (>= 3.0.0)
    faker (1.0.1)
      i18n (~> 0.4)
    faraday (0.7.6)
      addressable (~> 2.2)
      multipart-post (~> 1.1)
      rack (~> 1.1)
    fb_graph (2.4.19)
      httpclient (>= 2.2.0.2)
      rack-oauth2 (>= 0.14.4)
      tzinfo
    ffi (1.0.11)
    fog (1.7.0)
      builder
      excon (~> 0.14)
      formatador (~> 0.2.0)
      mime-types
      multi_json (~> 1.0)
      net-scp (~> 1.0.4)
      net-ssh (>= 2.1.3)
      nokogiri (~> 1.5.0)
      ruby-hmac
    foreigner (1.1.1)
      activerecord (>= 3.0.0)
    formatador (0.2.4)
    fssm (0.2.9)
    going_postal (0.1.1)
    guard (1.0.2)
      ffi (>= 0.5.0)
      thor (~> 0.14.6)
    guard-rspec (0.7.0)
      guard (>= 0.10.0)
    haml (3.1.7)
    haml-rails (0.3.4)
      actionpack (~> 3.0)
      activesupport (~> 3.0)
      haml (~> 3.0)
      railties (~> 3.0)
    handlebars_assets (0.4.4)
      execjs (>= 1.2.9)
      sprockets (>= 2.0.3)
      tilt
    hashery (2.0.1)
    hashie (1.2.0)
    headless (0.2.2)
    heroku (2.25.0)
      launchy (>= 0.3.2)
      netrc (~> 0.7.1)
      rest-client (~> 1.6.1)
      rubyzip
    hike (1.2.1)
    hpricot (0.8.6)
    httparty (0.8.1)
      multi_json
      multi_xml
    httpauth (0.1)
    httpclient (2.2.7)
    i18n (0.6.1)
    journey (1.0.4)
    jquery-rails (2.1.3)
      railties (>= 3.1.0, < 5.0)
      thor (~> 0.14)
    json (1.7.5)
    launchy (2.1.2)
      addressable (~> 2.3)
    liquid (2.3.0)
    mail (2.4.4)
      i18n (>= 0.4.0)
      mime-types (~> 1.16)
      treetop (~> 1.4.8)
    method_source (0.8)
    mime-types (1.19)
    mobile-fu (1.0.0)
      rack-mobile-detect
      rails
    multi_json (1.4.0)
    multi_xml (0.4.1)
    multipart-post (1.1.5)
    net-scp (1.0.4)
      net-ssh (>= 1.99.1)
    net-ssh (2.6.1)
    netrc (0.7.7)
    newrelic_rpm (3.3.1)
    nokogiri (1.5.5)
    nyan-cat-formatter (0.0.4)
    oauth2 (0.6.1)
      faraday (~> 0.7)
      httpauth (~> 0.1)
      multi_json (~> 1.3)
    omniauth (1.1.0)
      hashie (~> 1.2)
      rack
    omniauth-facebook (1.2.0)
      omniauth-oauth2 (~> 1.0.0)
    omniauth-oauth2 (1.0.1)
      oauth2 (~> 0.6.0)
      omniauth (~> 1.0)
    orm_adapter (0.0.7)
    paperclip (2.5.0)
      activerecord (>= 2.3.0)
      activesupport (>= 2.3.2)
      cocaine (>= 0.0.2)
      mime-types
    pdf-reader (1.2.0)
      Ascii85 (~> 1.0.0)
      hashery (~> 2.0)
      ruby-rc4
    pg (0.14.1)
    polyglot (0.3.3)
    pr_geohash (1.0.0)
    pry (0.9.10)
      coderay (~> 1.0.5)
      method_source (~> 0.8)
      slop (~> 3.3.1)
    pry-debugger (0.2.0)
      debugger (~> 1.1.3)
      pry (~> 0.9.9)
    pry-stack_explorer (0.4.7)
      binding_of_caller (~> 0.6.8)
    rack (1.4.1)
    rack-cache (1.2)
      rack (>= 0.4)
    rack-mobile-detect (0.3.0)
      rack
    rack-oauth2 (0.14.9)
      activesupport (>= 2.3)
      attr_required (>= 0.0.5)
      httpclient (>= 2.2.0.2)
      i18n
      multi_json (>= 1.3.6)
      rack (>= 1.1)
    rack-pjax (0.5.9)
      hpricot (~> 0.8.6)
      rack (~> 1.3)
    rack-protection (1.2.0)
      rack
    rack-rewrite (1.2.1)
    rack-ssl (1.3.2)
      rack
    rack-test (0.6.2)
      rack (>= 1.0)
    rails (3.2.9)
      actionmailer (= 3.2.9)
      actionpack (= 3.2.9)
      activerecord (= 3.2.9)
      activeresource (= 3.2.9)
      activesupport (= 3.2.9)
      bundler (~> 1.0)
      railties (= 3.2.9)
    rails_autolink (1.0.5)
      rails (~> 3.1)
    railties (3.2.9)
      actionpack (= 3.2.9)
      activesupport (= 3.2.9)
      rack-ssl (~> 1.3.2)
      rake (>= 0.8.7)
      rdoc (~> 3.4)
      thor (>= 0.14.6, < 2.0)
    rake (10.0.2)
    rb-fsevent (0.9.1)
    rdoc (3.12)
      json (~> 1.4)
    redis (3.0.2)
    redis-namespace (1.2.1)
      redis (~> 3.0.0)
    remotipart (0.4.2)
    rest-client (1.6.7)
      mime-types (>= 1.16)
    retryable (1.3.0)
    rsolr (1.0.8)
      builder (>= 2.1.2)
    rspec (2.11.0)
      rspec-core (~> 2.11.0)
      rspec-expectations (~> 2.11.0)
      rspec-mocks (~> 2.11.0)
    rspec-core (2.11.1)
    rspec-expectations (2.11.2)
      diff-lcs (~> 1.1.3)
    rspec-mocks (2.11.1)
    rspec-rails (2.11.0)
      actionpack (>= 3.0)
      activesupport (>= 3.0)
      railties (>= 3.0)
      rspec (~> 2.11.0)
    ruby-hmac (0.4.0)
    ruby-rc4 (0.1.5)
    rubyzip (0.9.9)
    sass (3.2.1)
    sass-rails (3.2.5)
      railties (~> 3.2.0)
      sass (>= 3.1.10)
      tilt (~> 1.3)
    seed-fu (2.2.0)
      activerecord (~> 3.1)
      activesupport (~> 3.1)
    selenium-webdriver (2.20.0)
      childprocess (>= 0.2.5)
      ffi (~> 1.0)
      multi_json (~> 1.0)
      rubyzip
    sendgrid (1.0.1)
      json
      json
    shoulda-matchers (1.2.0)
      activesupport (>= 3.0.0)
    simple_form (2.0.4)
      actionpack (~> 3.0)
      activemodel (~> 3.0)
    sinatra (1.3.3)
      rack (~> 1.3, >= 1.3.6)
      rack-protection (~> 1.2)
      tilt (~> 1.3, >= 1.3.3)
    slim (1.3.4)
      temple (~> 0.5.5)
      tilt (~> 1.3.3)
    slop (3.3.3)
    sprockets (2.2.2)
      hike (~> 1.2)
      multi_json (~> 1.0)
      rack (~> 1.0)
      tilt (~> 1.1, != 1.3.0)
    strip_attributes (1.1.0)
      activemodel (~> 3.0)
    tabletastic (0.2.3)
      activesupport (~> 3.0)
    temple (0.5.5)
    thin (1.5.0)
      daemons (>= 1.0.9)
      eventmachine (>= 0.12.6)
      rack (>= 1.0.0)
    thor (0.14.6)
    tilt (1.3.3)
    timecop (0.3.5)
    timers (1.0.1)
    treetop (1.4.12)
      polyglot
      polyglot (>= 0.3.1)
    ttfunk (1.0.3)
    turbo-sprockets-rails3 (0.3.2)
      railties (> 3.2.8, < 4.0.0)
      sprockets (>= 2.0.0)
    tzinfo (0.3.35)
    uglifier (1.2.0)
      execjs (>= 0.3.0)
      multi_json (>= 1.0.2)
    uuidtools (2.1.2)
    warden (1.1.1)
      rack (>= 1.0)
    webmock (1.7.10)
      addressable (~> 2.2, > 2.2.5)
      crack (>= 0.1.7)
    will_paginate (3.0.3)
    xpath (0.1.4)
      nokogiri (~> 1.3)
    yajl-ruby (1.1.0)
    zeus (0.12.0)
      method_source (>= 0.6.7)

PLATFORMS
  ruby

DEPENDENCIES
  RedCloth
  active_record_query_trace
  activerecord-postgres-hstore!
  agra_private!
  annotate!
  asset_sync
  aws-sdk
  blue_state_digital!
  cancan
  capybara
  capybara-webkit (~> 0.11.0)
  client_side_validations!
  client_side_validations-simple_form!
  coffee-filter
  coffee-rails (~> 3.2.1)
  colorize
  compass-rails
  dalli
  database_cleaner
  databasedotcom
  debugger-ruby_core_source
  delayed_job_active_record (~> 0.3.2)
  devise
  email_spec
  exception_notification
  facebook_share_widget!
  factory_girl_rails
  faker
  fb_graph
  foreigner
  galetahub-simple_captcha!
  going_postal
  guard-rspec
  haml-rails
  handlebars_assets
  headless
  heroku
  jquery-rails
  liquid
  mobile-fu
  newrelic_rpm
  nyan-cat-formatter
  omniauth-facebook
  paperclip (~> 2.5.0)
  pg
  prawn!
  pry
  pry-debugger
  pry-stack_explorer
  rack-pjax
  rack-rewrite
  rails (= 3.2.9)
  rails_autolink
  rb-fsevent
  remotipart (~> 0.4)
  rest-client
  retryable
  rspec-rails
  sass-rails (~> 3.2.3)
  seed-fu (~> 2.2.0)
  sendgrid
  shoulda-matchers
  sidekiq!
  simple_form (= 2.0.4)
  sinatra
  slim
  strip_attributes
  sunspot-rails-tester!
  sunspot_rails (= 2.0.0.pre.120925)
  sunspot_solr!
  tabletastic
  thin
  timecop
  tinymce-rails!
  turbo-sprockets-rails3
  uglifier
  vanity!
  webmock
  will_paginate (~> 3.0)
  yajl-ruby
  zeus
